GEM
  remote: https://rubygems.org/
  specs:
    acme-client (0.5.5)
      faraday (~> 0.9, >= 0.9.1)
    faraday (0.9.2)
      multipart-post (>= 1.2, < 3)
    json (2.0.2)
    multipart-post (2.0.0)
    puma (3.8.2)

PLATFORMS
  ruby

DEPENDENCIES
  acme-client
  json
  puma

BUNDLED WITH
   1.14.6
